GEM
  remote: http://rubygems.org/
  specs:
    actionpack (2.3.18)
      activesupport (= 2.3.18)
      rack (~> 1.1.0)
    activerecord (2.3.18)
      activesupport (= 2.3.18)
    activerecord-jdbc-adapter (1.3.19)
      activerecord (>= 2.2)
    activerecord-jdbcsqlite3-adapter (1.3.19)
      activerecord-jdbc-adapter (~> 1.3.19)
      jdbc-sqlite3 (>= 3.7.2, < 3.9)
    activesupport (2.3.18)
    database_cleaner (0.9.1)
    diff-lcs (1.2.5)
    docile (1.1.5)
    ffi (1.9.10)
    ffi (1.9.10-java)
    git (1.2.9.1)
    guard (1.0.3)
      ffi (>= 0.5.0)
      thor (>= 0.14.6)
    guard-rspec (0.7.3)
      guard (>= 0.10.0)
    jdbc-sqlite3 (3.8.11.2)
    jeweler (1.8.4)
      bundler (~> 1.0)
      git (>= 1.2.5)
      rake
      rdoc
    jruby-openssl (0.9.12-java)
    json (1.8.3)
    json (1.8.3-java)
    mini_portile (0.6.2)
    nokogiri (1.6.6.4)
      mini_portile (~> 0.6.0)
    nokogiri (1.6.6.4-java)
    rack (1.1.6)
    rake (0.9.6)
    rdoc (4.2.0)
    rspec (2.99.0)
      rspec-core (~> 2.99.0)
      rspec-expectations (~> 2.99.0)
      rspec-mocks (~> 2.99.0)
    rspec-core (2.99.2)
    rspec-expectations (2.99.2)
      diff-lcs (>= 1.1.3, < 2.0)
    rspec-mocks (2.99.4)
    simplecov (0.10.0)
      docile (~> 1.1.0)
      json (~> 1.8)
      simplecov-html (~> 0.10.0)
    simplecov-html (0.10.0)
    sqlite3 (1.3.11)
    thor (0.19.1)

PLATFORMS
  java
  ruby

DEPENDENCIES
  actionpack (~> 2.3)
  activerecord
  activerecord-jdbcsqlite3-adapter
  activesupport (~> 2.3)
  bundler (>= 1.0)
  database_cleaner (~> 0.7)
  guard (~> 1.0.0)
  guard-rspec (~> 0.6)
  jeweler (~> 1.8)
  jruby-openssl
  json (~> 1.6)
  nokogiri (~> 1.6)
  rake (~> 0.9)
  rspec (~> 2.8)
  simplecov (~> 0.5)
  sqlite3 (~> 1.3)

BUNDLED WITH
   1.10.6
