GEM
  remote: http://rubygems.org/
  specs:
    actionpack (2.3.11)
      activesupport (= 2.3.11)
      rack (~> 1.1.0)
    activerecord (2.3.11)
      activesupport (= 2.3.11)
    activerecord-jdbc-adapter (1.2.2)
    activerecord-jdbcsqlite3-adapter (1.2.2)
      activerecord-jdbc-adapter (~> 1.2.2)
      jdbc-sqlite3 (~> 3.7.2)
    activesupport (2.3.11)
    bouncy-castle-java (1.5.0146.1)
    database_cleaner (0.7.1)
    diff-lcs (1.1.3)
    ffi (1.0.11)
    ffi (1.0.11-java)
    git (1.2.5)
    guard (1.0.0)
      ffi (>= 0.5.0)
      thor (~> 0.14.6)
    guard-rspec (0.6.0)
      guard (>= 0.10.0)
    jdbc-sqlite3 (3.7.2)
    jeweler (1.8.3)
      bundler (~> 1.0)
      git (>= 1.2.5)
      rake
      rdoc
    jruby-openssl (0.7.5)
      bouncy-castle-java (>= 1.5.0146.1)
    json (1.6.5)
    json (1.6.5-java)
    mini_portile (0.6.2)
    multi_json (1.0.4)
    nokogiri (1.6.6.2)
      mini_portile (~> 0.6.0)
    rack (1.1.2)
    rake (0.9.2.2)
    rdoc (3.12)
      json (~> 1.4)
    rspec (2.8.0)
      rspec-core (~> 2.8.0)
      rspec-expectations (~> 2.8.0)
      rspec-mocks (~> 2.8.0)
    rspec-core (2.8.0)
    rspec-expectations (2.8.0)
      diff-lcs (~> 1.1.2)
    rspec-mocks (2.8.0)
    simplecov (0.5.4)
      multi_json (~> 1.0.3)
      simplecov-html (~> 0.5.3)
    simplecov-html (0.5.3)
    sqlite3 (1.3.5)
    thor (0.14.6)

PLATFORMS
  java
  ruby

DEPENDENCIES
  actionpack (~> 2.3)
  activerecord
  activerecord-jdbcsqlite3-adapter
  activesupport (~> 2.3)
  bundler (>= 1.0)
  database_cleaner (~> 0.7)
  guard (~> 1.0.0)
  guard-rspec (~> 0.6)
  jeweler (~> 1.8)
  jruby-openssl
  json (~> 1.6)
  nokogiri (~> 1.6)
  rake (~> 0.9)
  rspec (~> 2.8)
  simplecov (~> 0.5)
  sqlite3 (~> 1.3)
